PATH
  remote: .
  specs:
    yabeda-hanami (0.1.0)
      dry-monitor (~> 1.0)
      yabeda (~> 0.12)

GEM
  remote: https://rubygems.org/
  specs:
    anyway_config (2.6.3)
      ruby-next-core (~> 1.0)
    concurrent-ruby (1.2.3)
    dry-configurable (1.1.0)
      dry-core (~> 1.0, < 2)
      zeitwerk (~> 2.6)
    dry-core (1.0.1)
      concurrent-ruby (~> 1.0)
      zeitwerk (~> 2.6)
    dry-events (1.0.1)
      concurrent-ruby (~> 1.0)
      dry-core (~> 1.0, < 2)
    dry-initializer (3.1.1)
    dry-monitor (1.0.1)
      dry-configurable (~> 1.0, < 2)
      dry-core (~> 1.0, < 2)
      dry-events (~> 1.0, < 2)
    ruby-next-core (1.0.2)
    yabeda (0.12.0)
      anyway_config (>= 1.0, < 3)
      concurrent-ruby
      dry-initializer
    zeitwerk (2.6.13)

PLATFORMS
  aarch64-linux

DEPENDENCIES
  yabeda-hanami!

BUNDLED WITH
   2.4.19
